GEM
  remote: https://rubygems.org/
  specs:
    diff-lcs (1.5.1)
    language_server-protocol (3.17.0.3)
    logger (1.6.1)
    prism (1.0.0)
    rbs (3.5.3)
      logger
    rspec (3.13.0)
      rspec-core (~> 3.13.0)
      rspec-expectations (~> 3.13.0)
      rspec-mocks (~> 3.13.0)
    rspec-core (3.13.1)
      rspec-support (~> 3.13.0)
    rspec-expectations (3.13.2)
      diff-lcs (>= 1.2.0, < 2.0)
      rspec-support (~> 3.13.0)
    rspec-mocks (3.13.1)
      diff-lcs (>= 1.2.0, < 2.0)
      rspec-support (~> 3.13.0)
    rspec-support (3.13.1)
    ruby-lsp (0.17.17)
      language_server-protocol (~> 3.17.0)
      prism (~> 1.0)
      rbs (>= 3, < 4)
      sorbet-runtime (>= 0.5.10782)
    sorbet-runtime (0.5.11554)

PLATFORMS
  x64-mingw-ucrt

DEPENDENCIES
  rspec
  ruby-lsp

BUNDLED WITH
   2.5.18
